GEM
  remote: http://gems.rubyforge.org/
  remote: http://gems.github.com/
  remote: http://rubygems.org/
  specs:
    bouncy-castle-java (1.5.0146.1)
    haml (3.1.3)
    jruby-openssl (0.7.4)
      bouncy-castle-java
    jruby-rack (1.0.9)
    rack (1.3.5)
    rubyzip (0.9.4)
    sinatra (1.2.7)
      rack (~> 1.1)
      tilt (>= 1.2.2, < 2.0)
    tilt (1.3.3)
    trinidad (1.2.1)
      jruby-rack (>= 1.0.9)
      trinidad_jars (>= 1.0.1)
    trinidad_jars (1.0.1)
    uuidtools (2.1.2)

PLATFORMS
  java

DEPENDENCIES
  haml
  jruby-openssl
  rubyzip
  sinatra (= 1.2.7)
  trinidad
  uuidtools
