GEM
  remote: http://gems.rubyforge.org/
  remote: http://gems.github.com/
  remote: http://rubygems.org/
  specs:
    haml (3.1.3)
    rack (1.3.5)
    rack-protection (1.1.4)
      rack
    sinatra (1.3.1)
      rack (~> 1.3, >= 1.3.4)
      rack-protection (~> 1.1, >= 1.1.2)
      tilt (~> 1.3, >= 1.3.3)
    tilt (1.3.3)

PLATFORMS
  java

DEPENDENCIES
  haml
  sinatra
