GEM
  remote: http://gems.rubyforge.org/
  remote: http://gems.github.com/
  remote: http://rubygems.org/
  specs:
    bouncy-castle-java (1.5.0146.1)
    haml (3.1.3)
    jruby-openssl (0.7.4)
      bouncy-castle-java
    jruby-rack (1.0.9)
    rack (1.3.5)
    rack-protection (1.1.4)
      rack
    rubyzip (0.9.4)
    sinatra (1.3.1)
      rack (~> 1.3, >= 1.3.4)
      rack-protection (~> 1.1, >= 1.1.2)
      tilt (~> 1.3, >= 1.3.3)
    tilt (1.3.3)
    trinidad (1.2.1)
      jruby-rack (>= 1.0.9)
      trinidad_jars (>= 1.0.1)
    trinidad_jars (1.0.1)
    uuidtools (2.1.2)

PLATFORMS
  java

DEPENDENCIES
  haml
  jruby-openssl
  rubyzip
  sinatra
  trinidad
  uuidtools
